GEM
  remote: https://rubygems.org/
  specs:
    aws-sdk (2.6.6)
      aws-sdk-resources (= 2.6.6)
    aws-sdk-core (2.6.6)
      jmespath (~> 1.0)
    aws-sdk-resources (2.6.6)
      aws-sdk-core (= 2.6.6)
    cfn-nag (0.0.19)
      logging (= 2.0.0)
      trollop (= 2.1.2)
    cloudformation-ruby-dsl (1.2.3)
      aws-sdk (>= 2.5.1)
      bundler
      detabulator
      diffy
      highline
      json
      rake
    detabulator (0.1.0)
    diffy (3.1.0)
    highline (1.7.8)
    jmespath (1.3.1)
    json (2.0.2)
    little-plugger (1.1.4)
    logging (2.0.0)
      little-plugger (~> 1.1)
      multi_json (~> 1.10)
    multi_json (1.12.1)
    rake (11.3.0)
    trollop (2.1.2)

PLATFORMS
  ruby

DEPENDENCIES
  cfn-nag
  cloudformation-ruby-dsl

BUNDLED WITH
   1.12.1
